GEM
  remote: https://rubygems.org/
  specs:
    kgio (2.9.3)
    rack (1.6.4)
    rack-protection (1.5.3)
      rack
    raindrops (0.14.0)
    sass (3.4.16)
    sinatra (1.4.6)
      rack (~> 1.4)
      rack-protection (~> 1.4)
      tilt (>= 1.3, < 3)
    sinatra-partial (0.4.0)
      sinatra
    slim (2.1.0)
      temple (~> 0.6.9)
      tilt (>= 1.3.3, < 2.1)
    temple (0.6.10)
    tilt (2.0.1)
    unicorn (4.9.0)
      kgio (~> 2.6)
      rack
      raindrops (~> 0.7)

PLATFORMS
  ruby

DEPENDENCIES
  sass (~> 3.4)
  sinatra (~> 1.4)
  sinatra-partial (~> 0.4)
  slim (~> 2.1)
  unicorn (~> 4.8)
